GEM
  remote: https://rubygems.org/
  specs:
    byebug (10.0.2)
    httparty (0.16.3)
      mime-types (~> 3.0)
      multi_xml (>= 0.5.2)
    mime-types (3.2.2)
      mime-types-data (~> 3.2015)
    mime-types-data (3.2018.0812)
    mini_portile2 (2.4.0)
    multi_xml (0.6.0)
    nokogiri (1.9.1-x86-mingw32)
      mini_portile2 (~> 2.4.0)
    pg (1.1.3-x86-mingw32)
    ruby-progressbar (1.10.0)

PLATFORMS
  x86-mingw32

DEPENDENCIES
  byebug
  httparty
  nokogiri
  pg (~> 1.1, >= 1.1.3)
  ruby-progressbar (~> 1.10)

BUNDLED WITH
   1.15.3
